GEM
  remote: http://rubygems.org/
  specs:
    dalli (2.7.6)
    foreman (0.82.0)
      thor (~> 0.19.1)
    json (1.8.3)
    memcachier (0.0.2)
    puma (3.4.0)
    rack (1.6.4)
    rack-cache (1.6.1)
      rack (>= 0.4)
    rack-protection (1.5.3)
      rack
    shotgun (0.9.1)
      rack (>= 1.0)
    simple-rss (1.3.1)
    sinatra (1.4.7)
      rack (~> 1.5)
      rack-protection (~> 1.4)
      tilt (>= 1.3, < 3)
    thor (0.19.1)
    tilt (2.0.5)

PLATFORMS
  ruby

DEPENDENCIES
  bundler
  dalli
  foreman
  json
  memcachier
  puma
  rack-cache
  shotgun
  simple-rss
  sinatra

BUNDLED WITH
   1.11.2
