GEM
  remote: http://rubygems.org/
  specs:
    dalli (2.6.4)
    foreman (0.61.0)
      thor (>= 0.13.6)
    json (1.7.7)
    memcachier (0.0.2)
    puma (1.6.3)
      rack (~> 1.2)
    rack (1.5.2)
    rack-cache (1.2)
      rack (>= 0.4)
    rack-protection (1.5.0)
      rack
    shotgun (0.9)
      rack (>= 1.0)
    simple-rss (1.3.1)
    sinatra (1.4.2)
      rack (~> 1.5, >= 1.5.2)
      rack-protection (~> 1.4)
      tilt (~> 1.3, >= 1.3.4)
    thor (0.18.1)
    tilt (1.3.7)

PLATFORMS
  ruby

DEPENDENCIES
  bundler
  dalli
  foreman
  json
  memcachier
  puma
  rack-cache
  shotgun
  simple-rss
  sinatra
